GEM
  remote: http://rubygems.org/
  specs:
    PriorityQueue (0.1.2)
    abstract (1.0.0)
    addressable (2.2.6)
    callback-batch (0.1.0)
    em-batch (0.1.0)
      callback-batch (>= 0.1.0)
      eventmachine
    em-jack (0.1.3)
      eventmachine
    evented-queue (0.1.0)
      abstract
      unified-queues
    eventmachine (1.0.0.beta.3)
    git (1.2.5)
    hash-utils (1.1.0)
      ruby-version
    jeweler (1.6.4)
      bundler (~> 1.0)
      git (>= 1.2.5)
      rake
    json-rpc-objects (0.4.3)
      abstract (>= 1.0.0)
      addressable (>= 2.2.2)
      hash-utils (>= 0.18.0)
      json-rpc-objects-json (>= 0.1.1)
    json-rpc-objects-json (0.1.1)
      multi_json
    macaddr (1.4.0)
      systemu (~> 2.2.0)
    multi_json (1.0.3)
    rake (0.9.2.2)
    ruby-version (0.3.1)
    systemu (2.2.0)
    unified-queues (0.1.0)
      abstract (>= 1.0.0)
      hash-utils (>= 0.18.1)
    uuid (2.3.4)
      macaddr (~> 1.0)

PLATFORMS
  ruby

DEPENDENCIES
  PriorityQueue (>= 0.1.2)
  bundler (>= 1.0.0)
  em-batch (>= 0.1.0)
  em-jack (>= 0.1.3)
  evented-queue (>= 0.1.0)
  eventmachine
  hash-utils (>= 1.1.0)
  jeweler (>= 1.5.2)
  json-rpc-objects (>= 0.4.1)
  unified-queues (>= 0.1.0)
  uuid (>= 2.0.0)
