GEM
  remote: http://rubygems.org/
  specs:
    PriorityQueue (0.1.2)
    abstract (1.0.0)
    addressable (2.2.8)
    em-jack (0.1.5)
      eventmachine (>= 0.12.10)
    em-wrapper (0.1.0)
      eventmachine
      hash-utils (>= 0.17.0)
      object-proxy (>= 0.3.0)
    evented-queue (0.1.0)
      abstract
      unified-queues
    eventmachine (0.12.10)
    git (1.2.5)
    hash-utils (2.0.0)
      ruby-version
    hashie (1.2.0)
    jeweler2 (2.0.9)
      git (>= 1.2.5)
    json-rpc-objects (0.4.2)
      abstract (>= 1.0.0)
      addressable (>= 2.2.2)
      hash-utils (>= 0.18.0)
      json-rpc-objects-json (>= 0.1.1)
    json-rpc-objects-json (0.1.1)
      multi_json
    lookup-hash (0.2.0)
      hash-utils (>= 0.11.0)
    macaddr (1.6.0)
      systemu (~> 2.2.0)
    multi_json (1.3.5)
    object-proxy (0.3.0)
      hash-utils (>= 0.12.1)
    ruby-version (0.3.1)
    systemu (2.2.0)
    unified-queues (0.1.0)
      abstract (>= 1.0.0)
      hash-utils (>= 0.18.1)
      lookup-hash
    uuid (2.3.5)
      macaddr (~> 1.0)

PLATFORMS
  ruby

DEPENDENCIES
  PriorityQueue (>= 0.1.2)
  abstract
  bundler (>= 1.0.0)
  em-jack (>= 0.1.3)
  em-wrapper
  evented-queue
  eventmachine
  hash-utils (>= 1.1.0)
  hashie (>= 1.0.0)
  jeweler2 (>= 2.0.0)
  json-rpc-objects (>= 0.4.1)
  unified-queues
  uuid (>= 2.0.0)
