GEM
  remote: http://rubygems.org/
  specs:
    addressable (2.2.2)
    depq (0.4)
    em-beanstalk (0.0.10)
      eventmachine
    eventmachine (0.12.10)
    git (1.2.5)
    hash-utils (0.3.0)
    jeweler (1.5.2)
      bundler (~> 1.0.0)
      git (>= 1.2.5)
      rake
    json-rpc-objects (0.1.3)
      addressable (>= 2.2.2)
      hash-utils (>= 0.3.0)
      multitype-introspection (>= 0.1.0)
      types (>= 0.1.0)
      yajl-ruby (>= 0.7.8)
    multitype-introspection (0.1.0)
    rake (0.8.7)
    types (0.1.0)
      multitype-introspection (>= 0.1.0)
    yajl-ruby (0.7.9)

PLATFORMS
  ruby

DEPENDENCIES
  bundler (~> 1.0.0)
  depq (>= 0.4)
  em-beanstalk (>= 0.0.10)
  eventmachine (>= 0.12.10)
  jeweler (~> 1.5.2)
  json-rpc-objects (>= 0.1.2)
