GEM
  remote: http://rubygems.org/
  specs:
    abstract (1.0.0)
    addressable (2.2.6)
    callback-locker (0.1.0)
    depq (0.4)
    em-jack (0.1.3)
      eventmachine
    eventmachine (1.0.0.beta.3)
    git (1.2.5)
    hash-utils (0.19.0)
    jeweler (1.6.4)
      bundler (~> 1.0)
      git (>= 1.2.5)
      rake
    json-rpc-objects (0.4.2)
      abstract (>= 1.0.0)
      addressable (>= 2.2.2)
      hash-utils (>= 0.18.0)
      multi_json
    macaddr (1.4.0)
      systemu (~> 2.2.0)
    multi_json (1.0.3)
    rake (0.9.2)
    systemu (2.2.0)
    uuid (2.3.4)
      macaddr (~> 1.0)

PLATFORMS
  ruby

DEPENDENCIES
  bundler (>= 1.0.0)
  callback-locker (>= 0.1.0)
  depq (>= 0.4)
  em-jack (>= 0.1.3)
  eventmachine
  hash-utils (>= 0.1.0)
  jeweler (>= 1.5.2)
  json-rpc-objects (>= 0.4.1)
  uuid (>= 2.0.0)
