GEM
  remote: http://rubygems.org/
  specs:
    abstract (1.0.0)
    addressable (2.2.6)
    depq (0.6)
    em-jack (0.1.5)
      eventmachine (>= 0.12.10)
    eventmachine (1.0.0.beta.4)
    git (1.2.5)
    hash-utils (1.1.0)
      ruby-version
    jeweler2 (2.0.9)
      git (>= 1.2.5)
    json-rpc-objects (0.4.3)
      abstract (>= 1.0.0)
      addressable (>= 2.2.2)
      hash-utils (>= 0.18.0)
      json-rpc-objects-json (>= 0.1.1)
    json-rpc-objects-json (0.1.1)
      multi_json
    macaddr (1.5.0)
      systemu (>= 2.4.0)
    multi_json (1.0.4)
    ruby-version (0.3.1)
    systemu (2.4.2)
    uuid (2.3.5)
      macaddr (~> 1.0)

PLATFORMS
  ruby

DEPENDENCIES
  bundler (>= 1.0.0)
  depq (>= 0.4)
  em-jack (>= 0.1.3)
  eventmachine
  jeweler2 (>= 2.0.0)
  json-rpc-objects (>= 0.3.3)
  uuid (>= 2.3.2)
